GEM
  remote: http://rubygems.org/
  specs:
    actionpack (2.3.14)
      activesupport (= 2.3.14)
      rack (~> 1.1.0)
    activesupport (2.3.14)
    rack (1.1.2)
    rake (0.9.2)
    redgreen (1.2.2)

PLATFORMS
  ruby

DEPENDENCIES
  actionpack (~> 2)
  rake
  redgreen
